GEM
  remote: https://rubygems.org/
  specs:
    event_emitter (0.2.6)
    rake (13.0.6)
    websocket (1.2.9)
    websocket-client-simple (0.6.1)
      event_emitter
      websocket

PLATFORMS
  x86_64-darwin-20
  x86_64-darwin-21

DEPENDENCIES
  rake
  websocket-client-simple (~> 0.6.1)

BUNDLED WITH
   2.3.12
