GEM
  remote: https://rubygems.org/
  specs:
    coderay (1.1.3)
    event_emitter (0.2.6)
    method_source (1.0.0)
    pry (0.14.2)
      coderay (~> 1.1)
      method_source (~> 1.0)
    rake (13.0.6)
    websocket (1.2.9)
    websocket-client-simple (0.6.1)
      event_emitter
      websocket

PLATFORMS
  x86_64-darwin-20
  x86_64-darwin-21

DEPENDENCIES
  pry
  rake
  websocket-client-simple (~> 0.6.1)

BUNDLED WITH
   2.3.12
