GEM
  specs:
    eventmachine (1.2.7)
    faye-websocket (0.11.1)
      eventmachine (>= 0.12.0)
      websocket-driver (>= 0.5.1)
    rake (13.0.6)
    websocket-driver (0.7.5)
      websocket-extensions (>= 0.1.0)
    websocket-extensions (0.1.5)

PLATFORMS
  x86_64-darwin-21

DEPENDENCIES
  faye-websocket
  rake

BUNDLED WITH
   2.4.6
